PATH
  remote: .
  specs:
    conker (0.10.1)
      activesupport
      addressable

GEM
  remote: http://rubygems.org/
  specs:
    activesupport (3.2.9)
      i18n (~> 0.6)
      multi_json (~> 1.0)
    addressable (2.3.2)
    i18n (0.6.1)
    multi_json (1.5.0)

PLATFORMS
  ruby

DEPENDENCIES
  conker!
